GIT
  remote: https://github.com/mitchellh/vagrant.git
  revision: 240523b1aa9f328c09060cff34a211bd3f93f7ca
  specs:
    vagrant (1.5.1.dev)
      bundler (~> 1.5.2)
      childprocess (~> 0.5.0)
      erubis (~> 2.7.0)
      i18n (~> 0.6.0)
      listen (~> 2.4.0)
      log4r (~> 1.1.9, < 1.1.11)
      net-scp (~> 1.1.0)
      net-ssh (>= 2.6.6, < 2.8.0)
      rb-kqueue (~> 0.2.0)
      wdm (~> 0.1.0)

PATH
  remote: .
  specs:
    vagrant-protobox (0.0.1)

GEM
  remote: https://rubygems.org/
  specs:
    celluloid (0.15.2)
      timers (~> 1.1.0)
    childprocess (0.5.1)
      ffi (~> 1.0, >= 1.0.11)
    erubis (2.7.0)
    ffi (1.9.3)
    i18n (0.6.9)
    listen (2.4.1)
      celluloid (>= 0.15.2)
      rb-fsevent (>= 0.9.3)
      rb-inotify (>= 0.9)
    log4r (1.1.10)
    net-scp (1.1.2)
      net-ssh (>= 2.6.5)
    net-ssh (2.7.0)
    rb-fsevent (0.9.4)
    rb-inotify (0.9.3)
      ffi (>= 0.5.0)
    rb-kqueue (0.2.2)
      ffi (>= 0.5.0)
    timers (1.1.0)
    wdm (0.1.0)

PLATFORMS
  ruby

DEPENDENCIES
  vagrant!
  vagrant-protobox!
